GEM
  remote: https://rubygems.org/
  specs:
    bootstrap-sass (3.1.1.0)
      sass (~> 3.2)
    breakpoint (2.0.7)
      compass (>= 0.12.1)
      sass (>= 3.2.0)
    chunky_png (1.3.0)
    color-schemer (0.2.8)
      compass-blend-modes (~> 0.0.2)
    compass (0.12.3)
      chunky_png (~> 1.2)
      fssm (>= 0.2.7)
      sass (= 3.2.14)
    compass-blend-modes (0.0.2)
      compass
    compass-normalize (1.5)
      compass (>= 0.12.0)
    fssm (0.2.10)
    modular-scale (2.0.4)
      compass (>= 0.12.0)
    sass (3.2.14)
    sassy-strings (1.0.0)
      compass (>= 0.12.2)
    singularitygs (1.1.2)
      breakpoint (>= 2.0.1)
      compass (>= 0.12.2)
      sass (>= 3.2.1)
    style-prototypes (1.3.0)
      compass (>= 0.12.1)
      compass-normalize (>= 1.4.3)
      modular-scale (>= 1.0.6)
      sass (>= 3.2.0)
      toolkit (>= 1.3.8)
    toolkit (1.3.8)
      breakpoint (>= 2.0.6)
      color-schemer (>= 0.2.7)
      compass (>= 0.12.2)
      sassy-strings (>= 1.0.0)
      singularitygs (>= 1.1.2)

PLATFORMS
  ruby

DEPENDENCIES
  bootstrap-sass (= 3.1.1.0)
  compass (>= 0.12.1)
  sass (>= 3.2.0)
  style-prototypes (~> 1.3.0)
